PATH
  remote: .
  specs:
    stackprof (0.2.12)

GEM
  remote: https://rubygems.org/
  specs:
    metaclass (0.0.4)
    minitest (5.11.3)
    mocha (0.14.0)
      metaclass (~> 0.0.1)
    rake (12.3.2)
    rake-compiler (0.9.9)
      rake

PLATFORMS
  ruby

DEPENDENCIES
  minitest (~> 5.0)
  mocha (~> 0.14)
  rake-compiler (~> 0.9)
  stackprof!

BUNDLED WITH
   1.17.2
