PATH
  remote: .
  specs:
    stackprof (0.2.13)

GEM
  remote: https://rubygems.org/
  specs:
    metaclass (0.0.4)
    minitest (5.4.1)
    mocha (0.14.0)
      metaclass (~> 0.0.1)
    rake (10.3.2)
    rake-compiler (1.0.8)
      rake

PLATFORMS
  ruby

DEPENDENCIES
  minitest (~> 5.0)
  mocha (~> 0.14)
  rake-compiler (~> 1.0)
  stackprof!

BUNDLED WITH
   1.16.0
